GEM
  remote: https://rubygems.org/
  specs:
    terminal-notifier (2.0.0)
    thor (0.20.3)

PLATFORMS
  ruby

DEPENDENCIES
  terminal-notifier
  thor

BUNDLED WITH
   1.17.1
